GEM
  remote: https://rubygems.org/
  specs:
    celluloid (0.15.2)
      timers (~> 1.1.0)
    connection_pool (2.0.0)
    dotenv (1.0.2)
    erubis (2.7.0)
    excon (0.44.2)
    heroics (0.0.12)
      erubis (~> 2.7.0)
      excon
      moneta
      multi_json (>= 1.9.2)
      netrc
    json (1.8.2)
    moneta (0.8.0)
    multi_json (1.10.1)
    netrc (0.10.2)
    platform-api (0.2.0)
      heroics (~> 0.0.10)
    rack (1.6.0)
    rack-protection (1.5.3)
      rack
    rake (10.4.2)
    redis (3.1.0)
    redis-namespace (1.5.0)
      redis (~> 3.0, >= 3.0.4)
    sidekiq (3.2.1)
      celluloid (>= 0.15.2)
      connection_pool (>= 2.0.0)
      json
      redis (>= 3.0.6)
      redis-namespace (>= 1.3.1)
    sinatra (1.4.5)
      rack (~> 1.4)
      rack-protection (~> 1.4)
      tilt (~> 1.3, >= 1.3.4)
    tilt (1.4.1)
    timers (1.1.0)

PLATFORMS
  ruby

DEPENDENCIES
  dotenv
  json
  platform-api
  rake
  sidekiq
  sinatra
